GEM
  remote: https://rubygems.org/
  specs:
    ffi (1.9.6)
    gosu (0.8.7.2)
    opengl-bindings (1.3.11)

PLATFORMS
  ruby

DEPENDENCIES
  ffi
  gosu (~> 0.8)
  opengl-bindings
